PATH
  remote: .
  specs:
    crepe (0.0.1.pre)
      activesupport (~> 3.2)
      rack (~> 1.4)
      rack-mount (~> 0.8)

GEM
  remote: http://rubygems.org/
  specs:
    activesupport (3.2.8)
      i18n (~> 0.6)
      multi_json (~> 1.0)
    cane (2.3.0)
      parallel
    diff-lcs (1.1.3)
    i18n (0.6.1)
    multi_json (1.3.6)
    multi_xml (0.5.1)
    parallel (0.5.19)
    rack (1.4.1)
    rack-mount (0.8.3)
      rack (>= 1.0.0)
    rack-test (0.6.2)
      rack (>= 1.0)
    rake (0.9.2.2)
    rspec (2.11.0)
      rspec-core (~> 2.11.0)
      rspec-expectations (~> 2.11.0)
      rspec-mocks (~> 2.11.0)
    rspec-core (2.11.1)
    rspec-expectations (2.11.3)
      diff-lcs (~> 1.1.3)
    rspec-mocks (2.11.3)
    tilt (1.3.3)

PLATFORMS
  ruby

DEPENDENCIES
  cane (~> 2.3)
  crepe!
  multi_json (~> 1.3)
  multi_xml (~> 0.5)
  rack-test (~> 0.6.2)
  rake (~> 0.9)
  rspec (~> 2.11)
  tilt (~> 1.3)
