GIT
  remote: git://github.com/brynary/rack-test.git
  revision: 8153c07db7a96889ad22e2fb543c64548dfde2e5
  specs:
    rack-test (0.6.1)
      rack (>= 1.0)

PATH
  remote: .
  specs:
    crepe (0.0.1.pre)
      activesupport (~> 3.2)
      rack (~> 1.4)
      rack-mount (~> 0.8)

GEM
  remote: http://rubygems.org/
  specs:
    activesupport (3.2.8)
      i18n (~> 0.6)
      multi_json (~> 1.0)
    cane (2.2.3)
      parallel
    diff-lcs (1.1.3)
    i18n (0.6.1)
    multi_json (1.3.6)
    parallel (0.5.18)
    rack (1.4.1)
    rack-mount (0.8.3)
      rack (>= 1.0.0)
    rake (0.9.2.2)
    rspec (2.11.0)
      rspec-core (~> 2.11.0)
      rspec-expectations (~> 2.11.0)
      rspec-mocks (~> 2.11.0)
    rspec-core (2.11.1)
    rspec-expectations (2.11.2)
      diff-lcs (~> 1.1.3)
    rspec-mocks (2.11.2)

PLATFORMS
  ruby

DEPENDENCIES
  cane
  crepe!
  rack-test!
  rake
  rspec
