GIT
  remote: git://github.com/puma/puma.git
  revision: 46eeb284b43199db1bad88a50cf230e84754482a
  specs:
    puma (2.0.1)
      rack (>= 1.1, < 2.0)

GIT
  remote: git://github.com/rack/rack.git
  revision: 838865f86ea538015f6c49e2c4935bab56533bdb
  specs:
    rack (1.6.0.alpha)

PATH
  remote: .
  specs:
    crepe (0.0.1.pre)
      activesupport (>= 4.0.0.rc1)
      multi_json (~> 1.6.x)
      multi_xml (~> 0.5.x)
      rack (~> 1.5.x)
      rack-mount (~> 0.8.x)
      tilt (~> 1.3.x)

GEM
  remote: https://rubygems.org/
  specs:
    activesupport (4.0.0.rc1)
      i18n (~> 0.6, >= 0.6.4)
      minitest (~> 4.2)
      multi_json (~> 1.3)
      thread_safe (~> 0.1)
      tzinfo (~> 0.3.37)
    atomic (1.1.9)
    cane (2.5.2)
      parallel
    diff-lcs (1.2.4)
    i18n (0.6.4)
    minitest (4.7.4)
    multi_json (1.7.3)
    multi_xml (0.5.3)
    parallel (0.6.5)
    rack-mount (0.8.3)
      rack (>= 1.0.0)
    rack-test (0.6.2)
      rack (>= 1.0)
    rake (10.1.0.beta.3)
    rspec (2.13.0)
      rspec-core (~> 2.13.0)
      rspec-expectations (~> 2.13.0)
      rspec-mocks (~> 2.13.0)
    rspec-core (2.13.1)
    rspec-expectations (2.13.0)
      diff-lcs (>= 1.1.3, < 2.0)
    rspec-mocks (2.13.1)
    thread_safe (0.1.0)
      atomic
    tilt (1.4.1)
    tzinfo (0.3.37)

PLATFORMS
  ruby

DEPENDENCIES
  cane (~> 2.3.x)
  crepe!
  puma!
  rack!
  rack-test (~> 0.6.x)
  rake (~> 10.0.x)
  rspec (~> 2.13.x)
