GIT
  remote: git://github.com/puma/puma.git
  revision: 2e2440024623e91bc4f3eb9052b27164627a60f3
  specs:
    puma (2.0.0.b6)
      rack (>= 1.1, < 2.0)

GIT
  remote: git://github.com/rack/rack.git
  revision: 7b535cd7ce78eaaaec99cd2677ad8dd5962019a4
  specs:
    rack (1.6.0.alpha)

PATH
  remote: .
  specs:
    crepe (0.0.1.pre)
      activesupport (~> 3.2.x)
      rack (~> 1.5.x)
      rack-mount (~> 0.8.x)

GEM
  remote: https://rubygems.org/
  specs:
    activesupport (3.2.13.rc2)
      i18n (= 0.6.1)
      multi_json (~> 1.0)
    cane (2.5.2)
      parallel
    diff-lcs (1.2.1)
    i18n (0.6.1)
    multi_json (1.6.1)
    multi_xml (0.5.3)
    parallel (0.6.2)
    rack-mount (0.8.3)
      rack (>= 1.0.0)
    rack-test (0.6.2)
      rack (>= 1.0)
    rake (10.0.3)
    rspec (2.13.0)
      rspec-core (~> 2.13.0)
      rspec-expectations (~> 2.13.0)
      rspec-mocks (~> 2.13.0)
    rspec-core (2.13.1)
    rspec-expectations (2.13.0)
      diff-lcs (>= 1.1.3, < 2.0)
    rspec-mocks (2.13.0)
    tilt (1.3.5)

PLATFORMS
  ruby

DEPENDENCIES
  cane (~> 2.3.x)
  crepe!
  multi_json (~> 1.6.x)
  multi_xml (~> 0.5.x)
  puma!
  rack!
  rack-test (~> 0.6.x)
  rake (~> 10.0.x)
  rspec (~> 2.13.x)
  tilt (~> 1.3.x)
