PATH
  remote: .
  specs:
    crepe (0.0.1.pre)
      activesupport (~> 3.2.x)
      rack (~> 1.5.x)
      rack-mount (~> 0.8.x)

GEM
  remote: https://rubygems.org/
  specs:
    activesupport (3.2.13.rc2)
      i18n (= 0.6.1)
      multi_json (~> 1.0)
    cane (2.5.2)
      parallel
    daemons (1.1.9)
    diff-lcs (1.2.1)
    eventmachine (1.0.3)
    i18n (0.6.1)
    multi_json (1.6.1)
    multi_xml (0.5.3)
    parallel (0.6.2)
    puma (1.6.3)
      rack (~> 1.2)
    rack (1.5.2)
    rack-mount (0.8.3)
      rack (>= 1.0.0)
    rack-test (0.6.2)
      rack (>= 1.0)
    rake (10.0.3)
    rspec (2.13.0)
      rspec-core (~> 2.13.0)
      rspec-expectations (~> 2.13.0)
      rspec-mocks (~> 2.13.0)
    rspec-core (2.13.1)
    rspec-expectations (2.13.0)
      diff-lcs (>= 1.1.3, < 2.0)
    rspec-mocks (2.13.0)
    thin (1.5.0)
      daemons (>= 1.0.9)
      eventmachine (>= 0.12.6)
      rack (>= 1.0.0)
    tilt (1.3.5)

PLATFORMS
  ruby

DEPENDENCIES
  cane (~> 2.3.x)
  crepe!
  multi_json (~> 1.6.x)
  multi_xml (~> 0.5.x)
  puma
  rack-test (~> 0.6.x)
  rake (~> 10.0.x)
  rspec (~> 2.13.x)
  thin
  tilt (~> 1.3.x)
