GIT
  remote: git://github.com/puma/puma.git
  revision: f22dc6172235a57c56c28e3074c76ce421170b1c
  specs:
    puma (2.7.1)
      rack (>= 1.1, < 2.0)

GIT
  remote: git://github.com/rack/rack.git
  revision: c859452ecb2cf547a21a0e9a30ee8773dd6aa908
  specs:
    rack (1.6.0.alpha)

PATH
  remote: .
  specs:
    crepe (0.0.1.pre)
      activesupport (>= 4.0.0)
      rack (~> 1.5.x)
      rack-mount (~> 0.8.x)
      tilt (~> 1.3.x)

GEM
  remote: https://rubygems.org/
  specs:
    activesupport (4.0.2)
      i18n (~> 0.6, >= 0.6.4)
      minitest (~> 4.2)
      multi_json (~> 1.3)
      thread_safe (~> 0.1)
      tzinfo (~> 0.3.37)
    atomic (1.1.14)
    cane (2.6.1)
      parallel
    diff-lcs (1.2.5)
    i18n (0.6.9)
    minitest (4.7.5)
    multi_json (1.8.2)
    parallel (0.9.1)
    rack-mount (0.8.3)
      rack (>= 1.0.0)
    rack-test (0.6.2)
      rack (>= 1.0)
    rake (10.1.0)
    rspec (2.99.0.beta1)
      rspec-core (= 2.99.0.beta1)
      rspec-expectations (= 2.99.0.beta1)
      rspec-mocks (= 2.99.0.beta1)
    rspec-core (2.99.0.beta1)
    rspec-expectations (2.99.0.beta1)
      diff-lcs (>= 1.1.3, < 2.0)
    rspec-mocks (2.99.0.beta1)
    thread_safe (0.1.3)
      atomic
    tilt (1.4.1)
    tzinfo (0.3.38)
    yard (0.8.7.3)

PLATFORMS
  ruby

DEPENDENCIES
  cane (~> 2.3.x)
  crepe!
  puma!
  rack!
  rack-test (~> 0.6.x)
  rake (~> 10.0.x)
  rspec (~> 2.13.x)
  yard (~> 0.8.x)
